GEM
  remote: https://rubygems.org/
  specs:
    Ascii85 (1.0.2)
    addressable (2.3.8)
    afm (0.2.2)
    asciidoctor (1.5.0)
    asciidoctor-epub3 (1.0.0.alpha.2)
      asciidoctor (>= 1.5.0, < 1.6.0)
      gepub (~> 0.6.9.2)
      thread_safe (~> 0.3.4)
    asciidoctor-pdf (1.5.0.alpha.8)
      asciidoctor (~> 1.5.0)
      prawn (>= 1.3.0, < 3.0.0)
      prawn-icon (= 0.6.4)
      prawn-svg (= 0.20.0)
      prawn-table (= 0.2.1)
      prawn-templates (= 0.0.3)
      safe_yaml (= 1.0.4)
      thread_safe (= 0.3.4)
      treetop (= 1.5.3)
    asciidoctor-pdf-cjk (0.1.2)
      asciidoctor-pdf (~> 1.5.0.alpha.8)
    asciidoctor-pdf-cjk-kai_gen_gothic (0.1.1)
      asciidoctor-pdf-cjk (~> 0.1.2)
    awesome_print (1.2.0)
    coderay (1.1.0)
    css_parser (1.3.7)
      addressable
    epubcheck (3.0.1)
    gepub (0.6.9.2)
      nokogiri (~> 1.6.1)
      rubyzip (>= 1.1.1)
    hashery (2.1.1)
    json (1.8.1)
    kindlegen (2.9.4)
    mini_portile (0.6.0)
    nokogiri (1.6.3.1)
      mini_portile (= 0.6.0)
    pdf-core (0.6.0)
    pdf-reader (1.3.3)
      Ascii85 (~> 1.0.0)
      afm (~> 0.2.0)
      hashery (~> 2.0)
      ruby-rc4
      ttfunk
    polyglot (0.3.5)
    posix-spawn (0.3.9)
    prawn (2.0.2)
      pdf-core (~> 0.6.0)
      ttfunk (~> 1.4.0)
    prawn-icon (0.6.4)
      prawn (>= 1.1.0, < 3.0.0)
    prawn-svg (0.20.0)
      css_parser (~> 1.3)
      prawn (>= 0.8.4, < 3)
    prawn-table (0.2.1)
    prawn-templates (0.0.3)
      pdf-reader (~> 1.3)
      prawn (>= 0.15.0)
    pygments.rb (0.6.0)
      posix-spawn (~> 0.3.6)
      yajl-ruby (~> 1.1.0)
    rake (10.3.2)
    ruby-rc4 (0.1.5)
    rubyzip (1.1.6)
    safe_yaml (1.0.4)
    thread_safe (0.3.4)
    treetop (1.5.3)
      polyglot (~> 0.3)
    ttfunk (1.4.0)
    yajl-ruby (1.1.0)

PLATFORMS
  ruby

DEPENDENCIES
  asciidoctor (= 1.5.0)
  asciidoctor-epub3 (= 1.0.0.alpha.2)
  asciidoctor-pdf (= 1.5.0.alpha.8)
  asciidoctor-pdf-cjk-kai_gen_gothic (~> 0.1.1)
  awesome_print
  coderay
  epubcheck
  json
  kindlegen
  pygments.rb
  rake
  thread_safe

BUNDLED WITH
   1.10.5
